GEM
  remote: https://rubygems.org/
  specs:
    json (2.5.1)
    sqlite3 (1.4.2)

PLATFORMS
  x86_64-linux

DEPENDENCIES
  json
  sqlite3

BUNDLED WITH
   2.2.3
