GEM
  remote: https://rubygems.org/
  specs:
    json (2.5.1)
    nio4r (2.5.8)
    puma (5.5.0)
      nio4r (~> 2.0)
    rack (2.2.3)
    sqlite3 (1.4.2)

PLATFORMS
  x86_64-linux

DEPENDENCIES
  json
  puma
  rack
  sqlite3

BUNDLED WITH
   2.2.3
